GEM
  remote: https://rubygems.org/
  specs:
    mini_portile2 (2.0.0)
    nokogiri (1.6.7.2)
      mini_portile2 (~> 2.0.0.rc2)
    redis (3.3.0)
    rubyzip (1.2.0)
    zip-zip (0.3)
      rubyzip (>= 1.0.0)

PLATFORMS
  ruby

DEPENDENCIES
  nokogiri
  redis (~> 3.2)
  rubyzip (>= 1.0.0)
  zip-zip

BUNDLED WITH
   1.10.6
